GEM
  remote: https://rubygems.org/
  specs:
    awesome_print (1.7.0)
    babosa (1.0.2)
    colored (1.2)
    commander (4.4.0)
      highline (~> 1.7.2)
    credentials_manager (0.16.0)
      colored
      commander (>= 4.3.5)
      highline (>= 1.7.1)
      security
    diff-lcs (1.2.5)
    excon (0.45.4)
    fastlane_core (0.52.0)
      babosa
      colored
      commander (>= 4.4.0, <= 5.0.0)
      credentials_manager (>= 0.16.0, < 1.0.0)
      excon (~> 0.45.0)
      gh_inspector (>= 1.0.1, < 2.0.0)
      highline (>= 1.7.2)
      json
      multi_json
      plist (~> 3.1)
      rubyzip (~> 1.1.6)
      terminal-table (~> 1.4.5)
    find_a_port (1.0.1)
    gh_inspector (1.0.2)
    highline (1.7.8)
    json (1.8.3)
    multi_json (1.12.1)
    pact-mock_service (0.10.2)
      find_a_port (~> 1.0.1)
      json
      pact-support (~> 0.5.8)
      rack
      rack-test (~> 0.6.2)
      rspec (>= 2.14)
      term-ansicolor (~> 1.0)
      thor
      webrick
    pact-support (0.5.9)
      awesome_print (~> 1.1)
      find_a_port (~> 1.0.1)
      json
      rack-test (~> 0.6.2)
      randexp (~> 0.1.7)
      rspec (>= 2.14)
      term-ansicolor (~> 1.0)
      thor
    plist (3.2.0)
    rack (2.0.1)
    rack-test (0.6.3)
      rack (>= 1.0)
    randexp (0.1.7)
    rouge (1.11.1)
    rspec (3.5.0)
      rspec-core (~> 3.5.0)
      rspec-expectations (~> 3.5.0)
      rspec-mocks (~> 3.5.0)
    rspec-core (3.5.3)
      rspec-support (~> 3.5.0)
    rspec-expectations (3.5.0)
      diff-lcs (>= 1.2.0, < 2.0)
      rspec-support (~> 3.5.0)
    rspec-mocks (3.5.0)
      diff-lcs (>= 1.2.0, < 2.0)
      rspec-support (~> 3.5.0)
    rspec-support (3.5.0)
    rubyzip (1.1.7)
    scan (0.13.0)
      fastlane_core (>= 0.52.0, < 1.0.0)
      slack-notifier (~> 1.3)
      terminal-table
      xcpretty (>= 0.2.1)
      xcpretty-travis-formatter (>= 0.0.3)
    security (0.1.3)
    slack-notifier (1.5.1)
    term-ansicolor (1.3.2)
      tins (~> 1.0)
    terminal-table (1.4.5)
    thor (0.19.1)
    tins (1.12.0)
    webrick (1.3.1)
    xcpretty (0.2.2)
      rouge (~> 1.8)
    xcpretty-travis-formatter (0.0.4)
      xcpretty (~> 0.2, >= 0.0.7)

PLATFORMS
  ruby

DEPENDENCIES
  pact-mock_service (~> 0.10.2)
  scan (~> 0.13.0)

BUNDLED WITH
   1.12.5
