GEM
  remote: https://rubygems.org/
  specs:
    awesome_print (1.6.1)
    diff-lcs (1.2.5)
    find_a_port (1.0.1)
    json (1.8.1)
    pact-mock_service (0.2.3.pre.rc1)
      find_a_port (~> 1.0.1)
      json
      pact-support (~> 0.1.1)
      rack
      rack-test (~> 0.6.2)
      rspec (>= 2.14)
      term-ansicolor (~> 1.0)
      thor
      webrick
    pact-support (0.1.3)
      awesome_print (~> 1.1)
      find_a_port (~> 1.0.1)
      json
      rack-test (~> 0.6.2)
      randexp (~> 0.1.7)
      rspec (>= 2.14)
      term-ansicolor (~> 1.0)
      thor
    rack (1.6.0)
    rack-test (0.6.2)
      rack (>= 1.0)
    randexp (0.1.7)
    rspec (3.1.0)
      rspec-core (~> 3.1.0)
      rspec-expectations (~> 3.1.0)
      rspec-mocks (~> 3.1.0)
    rspec-core (3.1.7)
      rspec-support (~> 3.1.0)
    rspec-expectations (3.1.2)
      diff-lcs (>= 1.2.0, < 2.0)
      rspec-support (~> 3.1.0)
    rspec-mocks (3.1.3)
      rspec-support (~> 3.1.0)
    rspec-support (3.1.2)
    term-ansicolor (1.3.0)
      tins (~> 1.0)
    thor (0.19.1)
    tins (1.3.3)
    webrick (1.3.1)

PLATFORMS
  ruby

DEPENDENCIES
  pact-mock_service (~> 0.2.3.pre.rc1)
